GEM
  remote: https://rubygems.org/
  specs:
    nio4r (2.5.7)
    puma (4.3.8)
      nio4r (~> 2.0)
    rack (2.0.7)

PLATFORMS
  ruby
  x64-mingw32

DEPENDENCIES
  puma
  rack

BUNDLED WITH
   1.17.2
